GEM
  remote: https://rubygems.org/
  specs:
    backports (3.25.0)
    concurrent-ruby (1.1.9)
    faker (1.9.1)
      i18n (>= 0.7)
    i18n (1.5.1)
      concurrent-ruby (~> 1.0)
    multi_json (1.15.0)
    rack (1.6.13)
    rack-protection (1.5.5)
      rack
    rack-test (2.1.0)
      rack (>= 1.3)
    sinatra (1.4.8)
      rack (~> 1.5)
      rack-protection (~> 1.4)
      tilt (>= 1.3, < 3)
    sinatra-contrib (1.4.7)
      backports (>= 2.0)
      multi_json
      rack-protection
      rack-test
      sinatra (~> 1.4.0)
      tilt (>= 1.3, < 3)
    sinatra-reloader (1.0)
      sinatra-contrib
    tilt (2.3.0)

PLATFORMS
  ruby

DEPENDENCIES
  faker
  sinatra
  sinatra-reloader

BUNDLED WITH
   1.15.1
